GEM
  remote: http://rubygems.org/
  specs:
    activesupport (3.2.8)
      i18n (~> 0.6)
      multi_json (~> 1.0)
    breakpoint (1.3)
      compass (>= 0.12.1)
      sass (>= 3.2.0)
    chunky_png (1.2.6)
    compass (0.12.2)
      chunky_png (~> 1.2)
      fssm (>= 0.2.7)
      sass (~> 3.1)
    compass-normalize (1.3)
      compass (>= 0.11.5)
    fssm (0.2.9)
    haml (3.1.7)
    i18n (0.6.1)
    maruku (0.6.1)
      syntax (>= 1.0.0)
    modular-scale (1.0.2)
      compass (>= 0.11.5)
      sassy-math (>= 1.2)
    multi_json (1.3.6)
    rack (1.4.1)
    rack-test (0.6.1)
      rack (>= 1.0)
    respond-to (2.6)
      breakpoint (>= 1.3)
    sass (3.2.3)
    sassy-buttons (0.1.4)
      compass (>= 0.12.2)
      sass (>= 3.2.0)
    sassy-math (1.2)
      compass (~> 0.11)
    serve (1.5.1)
      activesupport (~> 3.0)
      i18n
      rack (~> 1.2)
      rack-test (~> 0.5)
      tilt (~> 1.3)
      tzinfo
    singularitygs (0.0.17)
      breakpoint (>= 1.1.1)
      compass (>= 0.12.2)
      modular-scale (>= 1.0.2)
      sass (>= 3.2.1)
    susy (1.0.5.alpha.0)
      compass (>= 0.12.2)
      sass (>= 3.2.0)
    syntax (1.0.0)
    tilt (1.3.3)
    toolkit (0.2.2)
      compass (>= 0.12.1)
      respond-to (>= 2.0.2)
      singularitygs (>= 0.0.8)
      susy (>= 1.0.rc.0)
    tzinfo (0.3.33)

PLATFORMS
  ruby

DEPENDENCIES
  compass
  compass-normalize
  haml
  maruku
  sassy-buttons
  serve (= 1.5.1)
  toolkit
